PATH
  remote: .
  specs:
    ruby_lepton (0.1.1)
      thor

GEM
  remote: https://rubygems.org/
  specs:
    rake (12.3.3)
    thor (1.0.1)

PLATFORMS
  ruby

DEPENDENCIES
  rake (~> 12.0)
  ruby_lepton!

BUNDLED WITH
   2.1.4
